PATH
  remote: .
  specs:
    ipgeobase (0.1.0)

GEM
  remote: https://rubygems.org/
  specs:
    addressable (2.8.0)
      public_suffix (>= 2.0.2, < 5.0)
    minitest (5.14.4)
    nokogiri (1.11.7-x86_64-linux)
      racc (~> 1.4)
    nokogiri-happymapper (0.8.1)
      nokogiri (~> 1.5)
    public_suffix (4.0.6)
    racc (1.5.2)
    rake (13.0.6)

PLATFORMS
  x86_64-linux

DEPENDENCIES
  addressable (~> 2.8.0)
  ipgeobase!
  minitest (~> 5.0)
  nokogiri-happymapper (~> 0.8.1)
  rake (~> 13.0)

BUNDLED WITH
   2.2.15
